GEM
  remote: https://rubygems.org/
  specs:
    activemodel (3.2.17)
      activesupport (= 3.2.17)
      builder (~> 3.0.0)
    activesupport (3.2.17)
      i18n (~> 0.6, >= 0.6.4)
      multi_json (~> 1.0)
    addressable (2.3.5)
    aws-s3 (0.6.3)
      builder
      mime-types
      xml-simple
    bson (1.9.2)
    bson_ext (1.9.2)
      bson (~> 1.9.2)
    builder (3.0.4)
    dm-core (1.2.1)
      addressable (~> 2.3)
    dm-migrations (1.2.0)
      dm-core (~> 1.2.0)
    haml (4.0.5)
      tilt
    i18n (0.6.9)
    mime-types (2.2)
    mongo (1.9.2)
      bson (~> 1.9.2)
    mongoid (3.1.6)
      activemodel (~> 3.2)
      moped (~> 1.4)
      origin (~> 1.0)
      tzinfo (~> 0.3.29)
    moped (1.5.2)
    multi_json (1.9.0)
    origin (1.1.0)
    rack (1.5.2)
    rack-flash3 (1.0.5)
      rack
    rack-protection (1.5.2)
      rack
    rdiscount (2.1.7)
    rufus-tokyo (1.0.7)
    sass (3.3.2)
    sequel (4.8.0)
    sinatra (1.4.4)
      rack (~> 1.4)
      rack-protection (~> 1.4)
      tilt (~> 1.3, >= 1.3.4)
    sinatra-redirect-with-flash (0.2.1)
      sinatra (>= 1.0.0)
    tilt (1.4.1)
    tzinfo (0.3.39)
    xml-simple (1.1.3)

PLATFORMS
  ruby

DEPENDENCIES
  aws-s3
  bson_ext
  dm-core
  dm-migrations
  haml
  mongo
  mongoid (~> 3.1.6)
  rack-flash3
  rdiscount
  rufus-tokyo
  sass
  sequel
  sinatra
  sinatra-redirect-with-flash
